GEM
  remote: http://rubygems.org/
  specs:
    amq-protocol (1.9.2)
    bunny (1.2.2)
      amq-protocol (>= 1.9.2)
    haml (4.0.5)
      tilt
    rack (1.5.2)
    rack-protection (1.5.3)
      rack
    sinatra (1.4.5)
      rack (~> 1.4)
      rack-protection (~> 1.4)
      tilt (~> 1.3, >= 1.3.4)
    tilt (1.4.1)

PLATFORMS
  ruby

DEPENDENCIES
  bunny
  haml
  sinatra
